GEM
  remote: http://rubygems.org/
  specs:
    cssmin (1.0.3)
    jammit (0.7.0)
      cssmin (~> 1.0)
      jsmin (~> 1.0)
    jsmin (1.0.1)

PLATFORMS
  ruby

DEPENDENCIES
  jammit

BUNDLED WITH
   1.14.3
