GEM
  remote: http://rubygems.org/
  specs:
    cssmin (1.0.3)
    directory_watcher (1.5.1)
    jammit (0.7.0)
      cssmin (~> 1.0)
      jsmin (~> 1.0)
    jsmin (1.0.1)
    rake (12.0.0)

PLATFORMS
  ruby

DEPENDENCIES
  directory_watcher
  jammit
  rake

BUNDLED WITH
   1.14.3
